GIT
  remote: git://github.com/fatfreecrm/fat_free_crm.git
  revision: ee5dd381eb964e4fcd60e42e9c151279a7f2406a
  specs:
    fat_free_crm (0.12.0)
      acts-as-taggable-on (~> 2.3.3)
      acts_as_commentable (~> 3.0.1)
      acts_as_list (~> 0.1.4)
      ajax-chosen-rails (>= 0.2.1)
      authlogic (= 3.1.0)
      cancan
      cocaine
      dynamic_form
      email_reply_parser_ffcrm
      ffaker (>= 1.12.0)
      haml (~> 3)
      jquery-rails (~> 2.1.4)
      nokogiri
      paper_trail
      paperclip (~> 2.8.0)
      premailer
      prototype-rails
      rails (~> 3.2.11)
      rails3-jquery-autocomplete
      ransack_ffcrm (~> 0.7.1)
      ransack_ui (>= 1.1.0)
      responds_to_parent (>= 1.1.0)
      sass (~> 3)
      select2-rails
      simple_form (~> 2.0.1)
      valium
      will_paginate (~> 3.0.2)

PATH
  remote: .
  specs:
    ffcrm_mailchimp (0.0.1)
      fat_free_crm
      rails (~> 3.2.11)

GEM
  remote: http://rubygems.org/
  specs:
    actionmailer (3.2.11)
      actionpack (= 3.2.11)
      mail (~> 2.4.4)
    actionpack (3.2.11)
      activemodel (= 3.2.11)
      activesupport (= 3.2.11)
      builder (~> 3.0.0)
      erubis (~> 2.7.0)
      journey (~> 1.0.4)
      rack (~> 1.4.0)
      rack-cache (~> 1.2)
      rack-test (~> 0.6.1)
      sprockets (~> 2.2.1)
    activemodel (3.2.11)
      activesupport (= 3.2.11)
      builder (~> 3.0.0)
    activerecord (3.2.11)
      activemodel (= 3.2.11)
      activesupport (= 3.2.11)
      arel (~> 3.0.2)
      tzinfo (~> 0.3.29)
    activeresource (3.2.11)
      activemodel (= 3.2.11)
      activesupport (= 3.2.11)
    activesupport (3.2.11)
      i18n (~> 0.6)
      multi_json (~> 1.0)
    acts-as-taggable-on (2.3.3)
      rails (~> 3.0)
    acts_as_commentable (3.0.1)
    acts_as_list (0.1.9)
    addressable (2.3.2)
    ajax-chosen-rails (0.2.1)
      chosen-rails_ffcrm
      railties (~> 3.0)
      thor (~> 0.14)
    arel (3.0.2)
    authlogic (3.1.0)
      activerecord (>= 3.0.7)
      activerecord (>= 3.0.7)
    builder (3.0.4)
    cancan (1.6.9)
    chosen-rails_ffcrm (0.9.5)
      railties (~> 3.0)
      thor (~> 0.14)
    chronic (0.6.7)
    climate_control (0.0.3)
      activesupport (>= 3.0)
    cocaine (0.5.1)
      climate_control (>= 0.0.3, < 1.0)
    columnize (0.3.6)
    css_parser (1.2.6)
      addressable
      rdoc
    debugger (1.3.1)
      columnize (>= 0.3.1)
      debugger-linecache (~> 1.1.1)
      debugger-ruby_core_source (~> 1.1.8)
    debugger-linecache (1.1.2)
      debugger-ruby_core_source (>= 1.1.1)
    debugger-ruby_core_source (1.1.8)
    dynamic_form (1.1.4)
    email_reply_parser_ffcrm (0.5.0)
    erubis (2.7.0)
    ffaker (1.15.0)
    haml (3.1.7)
    hike (1.2.1)
    htmlentities (4.3.1)
    i18n (0.6.1)
    journey (1.0.4)
    jquery-rails (2.1.4)
      railties (>= 3.0, < 5.0)
      thor (>= 0.14, < 2.0)
    json (1.7.6)
    mail (2.4.4)
      i18n (>= 0.4.0)
      mime-types (~> 1.16)
      treetop (~> 1.4.8)
    mime-types (1.21)
    multi_json (1.5.0)
    nokogiri (1.5.6)
    paper_trail (2.7.0)
      activerecord (~> 3.0)
      railties (~> 3.0)
    paperclip (2.8.0)
      activerecord (>= 2.3.0)
      activesupport (>= 2.3.2)
      cocaine (>= 0.0.2)
      mime-types
    pg (0.14.1)
    polyamorous (0.5.0)
      activerecord (~> 3.0)
    polyglot (0.3.3)
    premailer (1.7.3)
      css_parser (>= 1.1.9)
      htmlentities (>= 4.0.0)
    prototype-rails (3.2.1)
      rails (~> 3.2)
    rack (1.4.5)
    rack-cache (1.2)
      rack (>= 0.4)
    rack-ssl (1.3.3)
      rack
    rack-test (0.6.2)
      rack (>= 1.0)
    rails (3.2.11)
      actionmailer (= 3.2.11)
      actionpack (= 3.2.11)
      activerecord (= 3.2.11)
      activeresource (= 3.2.11)
      activesupport (= 3.2.11)
      bundler (~> 1.0)
      railties (= 3.2.11)
    rails3-jquery-autocomplete (1.0.10)
      rails (~> 3.0)
    railties (3.2.11)
      actionpack (= 3.2.11)
      activesupport (= 3.2.11)
      rack-ssl (~> 1.3.2)
      rake (>= 0.8.7)
      rdoc (~> 3.4)
      thor (>= 0.14.6, < 2.0)
    rake (10.0.3)
    ransack (0.7.3)
      actionpack (~> 3.0)
      activerecord (~> 3.0)
      polyamorous (~> 0.5.0)
    ransack_chronic (1.1.0)
      chronic (>= 0.6.7)
    ransack_ffcrm (0.7.1)
      actionpack (~> 3.0)
      activerecord (~> 3.0)
      chronic (~> 0.6.7)
      polyamorous (~> 0.5.0)
    ransack_ui (1.1.0)
      ransack
      ransack_chronic (>= 1.1.0)
    rdoc (3.12.1)
      json (~> 1.4)
    responds_to_parent (1.1.0)
    sass (3.2.5)
    select2-rails (3.2.1)
      thor (~> 0.14)
    simple_form (2.0.4)
      actionpack (~> 3.0)
      activemodel (~> 3.0)
    sprockets (2.2.2)
      hike (~> 1.2)
      multi_json (~> 1.0)
      rack (~> 1.0)
      tilt (~> 1.1, != 1.3.0)
    thor (0.17.0)
    tilt (1.3.3)
    treetop (1.4.12)
      polyglot
      polyglot (>= 0.3.1)
    tzinfo (0.3.35)
    valium (0.5.0)
      activerecord (>= 3.0.2)
    will_paginate (3.0.4)

PLATFORMS
  ruby

DEPENDENCIES
  debugger
  fat_free_crm!
  ffcrm_mailchimp!
  jquery-rails
  pg
